GEM
  remote: http://rubygems.org/
  specs:
    RedCloth (4.2.8)
    addressable (2.2.6)
    haml (3.1.3)
    heroku (2.8.4)
      launchy (>= 0.3.2)
      rest-client (~> 1.6.1)
      rubyzip
      term-ansicolor (~> 1.0.5)
    launchy (2.0.5)
      addressable (~> 2.2.6)
    mime-types (1.16)
    nesta (0.9.11)
      RedCloth (~> 4.2)
      haml (~> 3.1)
      rdiscount (~> 1.6)
      sass (~> 3.1)
      shotgun (>= 0.8)
      sinatra (= 1.2.6)
    rack (1.3.4)
    rdiscount (1.6.8)
    rest-client (1.6.7)
      mime-types (>= 1.16)
    rubyzip (0.9.4)
    sass (3.1.8)
    shotgun (0.9)
      rack (>= 1.0)
    sinatra (1.2.6)
      rack (~> 1.1)
      tilt (>= 1.2.2, < 2.0)
    term-ansicolor (1.0.6)
    tilt (1.3.3)

PLATFORMS
  ruby

DEPENDENCIES
  heroku
  nesta (= 0.9.11)
